GEM
  remote: http://rubygems.org/
  specs:
    sass (3.4.21)

PLATFORMS
  ruby

DEPENDENCIES
  sass

BUNDLED WITH
   1.10.5
